GIT
  remote: git://github.com/codebender/meetup_client.git
  revision: 15a3564d60bcd53f5ccec43bd94c066b8b6da310
  branch: rails-4-2
  specs:
    meetup_client (0.0.6)

GIT
  remote: https://github.com/netzpirat/haml_coffee_assets
  revision: a3c2951eca005d4fcce4837b9a97a139fc022c66
  specs:
    haml_coffee_assets (1.16.0)
      coffee-script (~> 2.0)
      sprockets (~> 2.0)
      tilt (~> 1.1)

GEM
  remote: https://rubygems.org/
  specs:
    actionmailer (4.2.1)
      actionpack (= 4.2.1)
      actionview (= 4.2.1)
      activejob (= 4.2.1)
      mail (~> 2.5, >= 2.5.4)
      rails-dom-testing (~> 1.0, >= 1.0.5)
    actionpack (4.2.1)
      actionview (= 4.2.1)
      activesupport (= 4.2.1)
      rack (~> 1.6)
      rack-test (~> 0.6.2)
      rails-dom-testing (~> 1.0, >= 1.0.5)
      rails-html-sanitizer (~> 1.0, >= 1.0.1)
    actionview (4.2.1)
      activesupport (= 4.2.1)
      builder (~> 3.1)
      erubis (~> 2.7.0)
      rails-dom-testing (~> 1.0, >= 1.0.5)
      rails-html-sanitizer (~> 1.0, >= 1.0.1)
    activejob (4.2.1)
      activesupport (= 4.2.1)
      globalid (>= 0.3.0)
    activemodel (4.2.1)
      activesupport (= 4.2.1)
      builder (~> 3.1)
    activerecord (4.2.1)
      activemodel (= 4.2.1)
      activesupport (= 4.2.1)
      arel (~> 6.0)
    activesupport (4.2.1)
      i18n (~> 0.7)
      json (~> 1.7, >= 1.7.7)
      minitest (~> 5.1)
      thread_safe (~> 0.3, >= 0.3.4)
      tzinfo (~> 1.1)
    angularjs-rails (1.3.14)
    arel (6.0.0)
    autoprefixer-rails (5.2.0)
      execjs
      json
    awesome_print (1.6.1)
    bootstrap-sass (3.3.4.1)
      autoprefixer-rails (>= 5.0.0.1)
      sass (>= 3.2.19)
    builder (3.2.2)
    c3-rails (0.4.10)
    codeclimate-test-reporter (0.4.7)
      simplecov (>= 0.7.1, < 1.0.0)
    coffee-rails (4.1.0)
      coffee-script (>= 2.2.0)
      railties (>= 4.0.0, < 5.0)
    coffee-script (2.4.1)
      coffee-script-source
      execjs
    coffee-script-source (1.9.1.1)
    d3-rails (3.4.11)
      railties (>= 3.1)
    dalli (2.7.4)
    diff-lcs (1.2.5)
    docile (1.1.5)
    dotenv (0.11.1)
      dotenv-deployment (~> 0.0.2)
    dotenv-deployment (0.0.2)
    dotenv-rails (0.11.1)
      dotenv (= 0.11.1)
    erubis (2.7.0)
    execjs (2.0.2)
    fitgem (0.12.1)
      oauth
    font-awesome-sass (4.3.2.1)
      sass (~> 3.2)
    foreman (0.78.0)
      thor (~> 0.19.1)
    globalid (0.3.5)
      activesupport (>= 4.1.0)
    haml (4.0.6)
      tilt
    hike (1.2.3)
    i18n (0.7.0)
    jbuilder (2.2.16)
      activesupport (>= 3.0.0, < 5)
      multi_json (~> 1.2)
    jquery-rails (2.3.0)
      railties (>= 3.0, < 5.0)
      thor (>= 0.14, < 2.0)
    json (1.8.2)
    loofah (2.0.2)
      nokogiri (>= 1.5.9)
    mail (2.6.3)
      mime-types (>= 1.16, < 3)
    mime-types (2.6.1)
    mini_portile (0.6.2)
    minitest (5.7.0)
    multi_json (1.11.0)
    newrelic_rpm (3.12.0.288)
    ngmin-rails (0.4.0)
      rails (>= 3.1)
    nokogiri (1.6.6.2)
      mini_portile (~> 0.6.0)
    oauth (0.4.7)
    pg (0.18.2)
    puma (2.11.3)
      rack (>= 1.1, < 2.0)
    quiet_assets (1.0.3)
      railties (>= 3.1, < 5.0)
    rack (1.6.1)
    rack-test (0.6.3)
      rack (>= 1.0)
    rails (4.2.1)
      actionmailer (= 4.2.1)
      actionpack (= 4.2.1)
      actionview (= 4.2.1)
      activejob (= 4.2.1)
      activemodel (= 4.2.1)
      activerecord (= 4.2.1)
      activesupport (= 4.2.1)
      bundler (>= 1.3.0, < 2.0)
      railties (= 4.2.1)
      sprockets-rails
    rails-deprecated_sanitizer (1.0.3)
      activesupport (>= 4.2.0.alpha)
    rails-dom-testing (1.0.6)
      activesupport (>= 4.2.0.beta, < 5.0)
      nokogiri (~> 1.6.0)
      rails-deprecated_sanitizer (>= 1.0.1)
    rails-html-sanitizer (1.0.2)
      loofah (~> 2.0)
    rails_12factor (0.0.3)
      rails_serve_static_assets
      rails_stdout_logging
    rails_serve_static_assets (0.0.4)
    rails_stdout_logging (0.0.3)
    railties (4.2.1)
      actionpack (= 4.2.1)
      activesupport (= 4.2.1)
      rake (>= 0.8.7)
      thor (>= 0.18.1, < 2.0)
    rake (10.4.2)
    redcarpet (3.2.3)
    responders (2.1.0)
      railties (>= 4.2.0, < 5)
    rspec-core (3.2.3)
      rspec-support (~> 3.2.0)
    rspec-expectations (3.2.1)
      diff-lcs (>= 1.2.0, < 2.0)
      rspec-support (~> 3.2.0)
    rspec-mocks (3.2.1)
      diff-lcs (>= 1.2.0, < 2.0)
      rspec-support (~> 3.2.0)
    rspec-rails (3.2.1)
      actionpack (>= 3.0, < 4.3)
      activesupport (>= 3.0, < 4.3)
      railties (>= 3.0, < 4.3)
      rspec-core (~> 3.2.0)
      rspec-expectations (~> 3.2.0)
      rspec-mocks (~> 3.2.0)
      rspec-support (~> 3.2.0)
    rspec-support (3.2.2)
    sass (3.2.19)
    sass-rails (4.0.5)
      railties (>= 4.0.0, < 5.0)
      sass (~> 3.2.2)
      sprockets (~> 2.8, < 3.0)
      sprockets-rails (~> 2.0)
    simplecov (0.10.0)
      docile (~> 1.1.0)
      json (~> 1.8)
      simplecov-html (~> 0.10.0)
    simplecov-html (0.10.0)
    sprockets (2.12.3)
      hike (~> 1.2)
      multi_json (~> 1.0)
      rack (~> 1.0)
      tilt (~> 1.1, != 1.3.0)
    sprockets-rails (2.3.1)
      actionpack (>= 3.0)
      activesupport (>= 3.0)
      sprockets (>= 2.8, < 4.0)
    thor (0.19.1)
    thread_safe (0.3.5)
    tilt (1.4.1)
    tzinfo (1.2.2)
      thread_safe (~> 0.1)
    uglifier (2.3.3)
      execjs (>= 0.3.0)
      json (>= 1.8.0)

PLATFORMS
  ruby

DEPENDENCIES
  angularjs-rails (= 1.3.14)
  awesome_print
  bootstrap-sass (~> 3.3)
  c3-rails (~> 0.4.10)
  codeclimate-test-reporter
  coffee-rails (~> 4.1)
  d3-rails (= 3.4.11)
  dalli (~> 2.7.4)
  dotenv-rails (~> 0.11)
  execjs (~> 2.0.2)
  fitgem (~> 0.12)
  font-awesome-sass (~> 4.3.1)
  foreman (~> 0.78)
  haml (~> 4.0)
  haml_coffee_assets!
  jbuilder (~> 2.2)
  jquery-rails (~> 2.0)
  meetup_client!
  newrelic_rpm
  ngmin-rails (~> 0.4.0)
  pg (~> 0.18)
  puma (~> 2.11)
  quiet_assets (~> 1.0.3)
  rails (= 4.2.1)
  rails_12factor
  redcarpet (~> 3.2)
  responders (~> 2.1)
  rspec-rails (~> 3.2)
  sass-rails (~> 4.0)
  uglifier (~> 2.3.3)
